PATH
  remote: .
  specs:
    kube-dsl (0.8.2)
      dry-inflector (~> 0.2)

GEM
  remote: https://rubygems.org/
  specs:
    ast (2.4.2)
    benchmark (0.4.0)
    byebug (11.1.3)
    coderay (1.1.3)
    commander (4.6.0)
      highline (~> 2.0.0)
    curdle (1.2.2)
      parser (~> 3.1)
    diff-lcs (1.6.0)
    dry-inflector (0.3.0)
    erubi (1.13.1)
    highline (2.0.3)
    method_source (1.1.0)
    netrc (0.11.0)
    parallel (1.26.3)
    parlour (8.1.0)
      commander (~> 4.5)
      parser
      rainbow (~> 3.0)
      sorbet-runtime (>= 0.5)
    parser (3.3.7.1)
      ast (~> 2.4.1)
      racc
    prism (1.3.0)
    pry (0.14.2)
      coderay (~> 1.1)
      method_source (~> 1.0)
    pry-byebug (3.10.1)
      byebug (~> 11.0)
      pry (>= 0.13, < 0.15)
    racc (1.8.1)
    rainbow (3.1.1)
    rake (13.2.1)
    rbi (0.2.4)
      prism (~> 1.0)
      sorbet-runtime (>= 0.5.9204)
    rspec (3.13.0)
      rspec-core (~> 3.13.0)
      rspec-expectations (~> 3.13.0)
      rspec-mocks (~> 3.13.0)
    rspec-core (3.13.3)
      rspec-support (~> 3.13.0)
    rspec-expectations (3.13.3)
      diff-lcs (>= 1.2.0, < 2.0)
      rspec-support (~> 3.13.0)
    rspec-mocks (3.13.2)
      diff-lcs (>= 1.2.0, < 2.0)
      rspec-support (~> 3.13.0)
    rspec-support (3.13.2)
    sorbet (0.5.11865)
      sorbet-static (= 0.5.11865)
    sorbet-runtime (0.5.11865)
    sorbet-static (0.5.11865-universal-darwin)
    sorbet-static-and-runtime (0.5.11865)
      sorbet (= 0.5.11865)
      sorbet-runtime (= 0.5.11865)
    spoom (1.5.4)
      erubi (>= 1.10.0)
      prism (>= 0.28.0)
      rbi (>= 0.2.3)
      sorbet-static-and-runtime (>= 0.5.10187)
      thor (>= 0.19.2)
    tapioca (0.16.11)
      benchmark
      bundler (>= 2.2.25)
      netrc (>= 0.11.0)
      parallel (>= 1.21.0)
      rbi (~> 0.2)
      sorbet-static-and-runtime (>= 0.5.11087)
      spoom (>= 1.2.0)
      thor (>= 1.2.0)
      yard-sorbet
    thor (1.3.2)
    yard (0.9.37)
    yard-sorbet (0.9.0)
      sorbet-runtime
      yard

PLATFORMS
  arm64-darwin-23
  x86_64-darwin-20

DEPENDENCIES
  curdle (~> 1.2)
  kube-dsl!
  parlour (~> 8.0)
  pry-byebug
  rake
  rspec (~> 3.0)
  sorbet (= 0.5.11865)
  tapioca (~> 0.16)

BUNDLED WITH
   2.3.6
